PATH
  remote: .
  specs:
    mapstatic (0.0.2)
      mini_magick (~> 4.0)
      typhoeus (~> 1.0)

GEM
  remote: https://rubygems.org/
  specs:
    addressable (2.3.5)
    awesome_print (1.2.0)
    crack (0.4.1)
      safe_yaml (~> 0.9.0)
    diff-lcs (1.2.4)
    ethon (0.9.0)
      ffi (>= 1.3.0)
    ffi (1.9.14)
    mini_magick (4.5.1)
    rake (11.2.2)
    rspec (2.13.0)
      rspec-core (~> 2.13.0)
      rspec-expectations (~> 2.13.0)
      rspec-mocks (~> 2.13.0)
    rspec-core (2.13.1)
    rspec-expectations (2.13.0)
      diff-lcs (>= 1.1.3, < 2.0)
    rspec-mocks (2.13.1)
    safe_yaml (0.9.7)
    thor (0.18.1)
    typhoeus (1.1.0)
      ethon (>= 0.9.0)
    vcr (2.7.0)
    webmock (1.15.2)
      addressable (>= 2.2.7)
      crack (>= 0.3.2)

PLATFORMS
  ruby

DEPENDENCIES
  awesome_print (~> 1.2.0)
  mapstatic!
  rake
  rspec (~> 2.13.0)
  thor (~> 0.18.1)
  vcr (~> 2.7.0)
  webmock (~> 1.15.2)

BUNDLED WITH
   1.12.2
