PATH
  remote: .
  specs:
    mapstatic (0.0.2)
      mini_magick (~> 4.9)
      typhoeus (~> 1.3)

GEM
  remote: https://rubygems.org/
  specs:
    addressable (2.8.0)
      public_suffix (>= 2.0.2, < 5.0)
    awesome_print (1.2.0)
    crack (0.4.3)
      safe_yaml (~> 1.0.0)
    diff-lcs (1.3)
    ethon (0.12.0)
      ffi (>= 1.3.0)
    ffi (1.11.1)
    hashdiff (0.4.0)
    mini_magick (4.9.3)
    public_suffix (4.0.6)
    rake (12.3.2)
    rspec (3.8.0)
      rspec-core (~> 3.8.0)
      rspec-expectations (~> 3.8.0)
      rspec-mocks (~> 3.8.0)
    rspec-core (3.8.2)
      rspec-support (~> 3.8.0)
    rspec-expectations (3.8.4)
      diff-lcs (>= 1.2.0, < 2.0)
      rspec-support (~> 3.8.0)
    rspec-mocks (3.8.1)
      diff-lcs (>= 1.2.0, < 2.0)
      rspec-support (~> 3.8.0)
    rspec-support (3.8.2)
    safe_yaml (1.0.5)
    thor (0.20.3)
    typhoeus (1.3.1)
      ethon (>= 0.9.0)
    vcr (3.0.3)
    webmock (2.3.2)
      addressable (>= 2.3.6)
      crack (>= 0.3.2)
      hashdiff

PLATFORMS
  ruby

DEPENDENCIES
  awesome_print (< 2.0)
  mapstatic!
  rake
  rspec (~> 3)
  thor (>= 0.19.0, < 2.0)
  vcr (~> 3)
  webmock (~> 2)

BUNDLED WITH
   1.17.2
