PATH
  remote: .
  specs:
    mapstatic (0.0.2)
      awesome_print (~> 1.2.0)
      faraday (~> 0.13.1)
      mini_magick (~> 3.6.0)
      rspec (~> 2.13.0)
      thor (~> 0.18.1)
      typhoeus (~> 0.6.6)
      vcr (~> 2.7.0)
      webmock (~> 1.15.2)

GEM
  remote: https://rubygems.org/
  specs:
    addressable (2.5.2)
      public_suffix (>= 2.0.2, < 4.0)
    awesome_print (1.2.0)
    crack (0.4.3)
      safe_yaml (~> 1.0.0)
    diff-lcs (1.3)
    ethon (0.10.1)
      ffi (>= 1.3.0)
    faraday (0.13.1)
      multipart-post (>= 1.2, < 3)
    ffi (1.9.18)
    mini_magick (3.6.0)
      subexec (~> 0.2.1)
    multipart-post (2.0.0)
    public_suffix (3.0.0)
    rspec (2.13.0)
      rspec-core (~> 2.13.0)
      rspec-expectations (~> 2.13.0)
      rspec-mocks (~> 2.13.0)
    rspec-core (2.13.1)
    rspec-expectations (2.13.0)
      diff-lcs (>= 1.1.3, < 2.0)
    rspec-mocks (2.13.1)
    safe_yaml (1.0.4)
    subexec (0.2.3)
    thor (0.18.1)
    typhoeus (0.6.9)
      ethon (>= 0.7.1)
    vcr (2.7.0)
    webmock (1.15.2)
      addressable (>= 2.2.7)
      crack (>= 0.3.2)

PLATFORMS
  ruby

DEPENDENCIES
  mapstatic!

BUNDLED WITH
   1.15.4
